GEM
  remote: https://rubygems.org/
  specs:
    concurrent-ruby (1.0.5)
    ejs (1.1.1)
    rack (2.0.1)
    sprockets (3.7.1)
      concurrent-ruby (~> 1.0)
      rack (> 1, < 3)

PLATFORMS
  ruby

DEPENDENCIES
  ejs
  sprockets

BUNDLED WITH
   1.13.7
